PATH
  remote: .
  specs:
    stats_reporter (0.0.1)

GEM
  remote: https://rubygems.org/
  specs:
    builder (3.2.2)
    cucumber (1.3.14)
      builder (>= 2.1.2)
      diff-lcs (>= 1.1.3)
      gherkin (~> 2.12)
      multi_json (>= 1.7.5, < 2.0)
      multi_test (>= 0.1.1)
    database_cleaner (1.2.0)
    diff-lcs (1.2.5)
    gherkin (2.12.2)
      multi_json (~> 1.3)
    multi_json (1.9.2)
    multi_test (0.1.1)
    rake (10.1.0)
    rspec (2.14.1)
      rspec-core (~> 2.14.0)
      rspec-expectations (~> 2.14.0)
      rspec-mocks (~> 2.14.0)
    rspec-core (2.14.8)
    rspec-expectations (2.14.5)
      diff-lcs (>= 1.1.3, < 2.0)
    rspec-mocks (2.14.6)

PLATFORMS
  ruby

DEPENDENCIES
  bundler (~> 1.5)
  cucumber
  database_cleaner
  rake
  rspec
  stats_reporter!
